GEM
  remote: http://rubygems.org/
  specs:
    chunky_png (1.2.0)
    coffee-script (2.2.0)
      coffee-script-source
      execjs
    coffee-script-source (1.1.2)
    compass (0.11.5)
      chunky_png (~> 1.2)
      fssm (>= 0.2.7)
      sass (~> 3.1)
    directory_watcher (1.4.1)
    execjs (1.2.4)
      multi_json (~> 1.0)
    fssm (0.2.7)
    haml (3.1.2)
    multi_json (1.0.3)
    net-purge (0.1.0)
    redis (2.2.2)
    sass (3.1.4)
    slop (2.1.0)
    stasis (0.1.4)
      directory_watcher (~> 1.4.0)
      redis (~> 2.2.1)
      slop (~> 2.1.0)
      tilt (~> 1.3)
      yajl-ruby (~> 0.8.2)
    tilt (1.3.3)
    yajl-ruby (0.8.3)

PLATFORMS
  ruby

DEPENDENCIES
  coffee-script
  compass
  haml
  net-purge
  stasis
